GEM
  remote: https://rubygems.org/
  specs:
    actionmailer (2.3.18)
      actionpack (= 2.3.18)
    actionpack (2.3.18)
      activesupport (= 2.3.18)
      rack (~> 1.1.0)
    activerecord (2.3.18)
      activesupport (= 2.3.18)
    activeresource (2.3.18)
      activesupport (= 2.3.18)
    activesupport (2.3.18)
    after_commit (1.0.11)
      activerecord (>= 1.15.6, < 3.0.0)
    calendar_date_select (1.16.4)
    crass (1.0.2)
    mini_portile2 (2.1.0)
    mysql (2.8.1)
    nokogiri (1.6.8)
      mini_portile2 (~> 2.1.0)
      pkg-config (~> 1.1.7)
    nokogumbo (1.4.9)
      nokogiri
    pkg-config (1.1.7)
    puma (3.6.0)
    rack (1.1.6)
    rails (2.3.18)
      actionmailer (= 2.3.18)
      actionpack (= 2.3.18)
      activerecord (= 2.3.18)
      activeresource (= 2.3.18)
      activesupport (= 2.3.18)
      rake (>= 0.8.3)
    rake (11.2.2)
    riddle (1.5.12)
    ruby-ole (1.2.12)
    sanitize (4.1.0)
      crass (~> 1.0.2)
      nokogiri (>= 1.4.4)
      nokogumbo (~> 1.4.1)
    spreadsheet (1.1.3)
      ruby-ole (>= 1.0)
    thinking-sphinx (1.4.14)
      activerecord (>= 1.15.6, < 3.0.0)
      after_commit (>= 1.0.7)
      riddle (>= 1.5.3)
    tzinfo (0.3.51)
    will_paginate (3.0.5)

PLATFORMS
  ruby

DEPENDENCIES
  calendar_date_select
  mysql (~> 2.8.1)
  puma
  rails (~> 2.3.2)
  sanitize
  spreadsheet
  thinking-sphinx (~> 1.4.14)
  tzinfo (~> 0.3.31)
  will_paginate (~> 3.0.5)

BUNDLED WITH
   1.12.5
